GEM
  remote: http://rubygems.org/
  specs:
    byebug (10.0.2)
    mysql2 (0.5.2)

PLATFORMS
  ruby

DEPENDENCIES
  byebug
  mysql2

BUNDLED WITH
   1.16.1
