GEM
  remote: http://rubygems.org/
  specs:
    mysql2 (0.5.2)

PLATFORMS
  ruby

DEPENDENCIES
  mysql2

BUNDLED WITH
   1.16.1
